NUGET
  remote: https://www.nuget.org/api/v2
  specs:
    NLog (1.0.0.505)
